NUGET
  remote: https://nuget.org/api/v2
  specs:
    FSharp.Compiler.Tools (3.1.2.2)
    FSharp.Core (3.1.2.5)
