NUGET
  remote: https://nuget.org/api/v2
  specs:
    FSharp.Compiler.Tools (4.0.0.1)
    FSharp.Core (4.0.0.1)
